GEM
  remote: https://rubygems.org/
  specs:
    byebug (9.1.0)
    coveralls (0.8.21)
      json (>= 1.8, < 3)
      simplecov (~> 0.14.1)
      term-ansicolor (~> 1.3)
      thor (~> 0.19.4)
      tins (~> 1.6)
    docile (1.1.5)
    json (2.1.0)
    minitest (5.10.3)
    paint (2.0.1)
    rake (12.3.0)
    require_all (1.4.0)
    simplecov (0.14.1)
      docile (~> 1.1.0)
      json (>= 1.8, < 3)
      simplecov-html (~> 0.10.0)
    simplecov-html (0.10.2)
    term-ansicolor (1.6.0)
      tins (~> 1.0)
    thor (0.19.4)
    tins (1.16.3)

PLATFORMS
  ruby

DEPENDENCIES
  byebug!
  coveralls!
  minitest!
  paint!
  rake!
  require_all!
  simplecov!

BUNDLED WITH
   1.16.0.pre.2
